GEM
  remote: http://rubygems.org/
  specs:
    POpen4 (0.1.4)
      Platform (>= 0.4.0)
      open4
    Platform (0.4.0)
    abstract (1.0.0)
    actionmailer (3.0.8.rc1)
      actionpack (= 3.0.8.rc1)
      mail (~> 2.2.19)
    actionpack (3.0.8.rc1)
      activemodel (= 3.0.8.rc1)
      activesupport (= 3.0.8.rc1)
      builder (~> 2.1.2)
      erubis (~> 2.6.6)
      i18n (~> 0.5.0)
      rack (~> 1.2.1)
      rack-mount (~> 0.6.14)
      rack-test (~> 0.5.7)
      tzinfo (~> 0.3.23)
    activemodel (3.0.8.rc1)
      activesupport (= 3.0.8.rc1)
      builder (~> 2.1.2)
      i18n (~> 0.5.0)
    activerecord (3.0.8.rc1)
      activemodel (= 3.0.8.rc1)
      activesupport (= 3.0.8.rc1)
      arel (~> 2.0.10)
      tzinfo (~> 0.3.23)
    activeresource (3.0.8.rc1)
      activemodel (= 3.0.8.rc1)
      activesupport (= 3.0.8.rc1)
    activesupport (3.0.8.rc1)
    acts_as_list (0.1.2)
    albino (1.3.3)
      posix-spawn (>= 0.3.6)
    annotate (2.4.0)
    arel (2.0.10)
    autotest-standalone (4.5.5)
    babosa (0.3.4)
    bcrypt-ruby (2.1.4)
    bitfields (0.3.0)
    builder (2.1.2)
    canable (0.1.1)
    capistrano (2.6.0)
      highline
      net-scp (>= 1.0.0)
      net-sftp (>= 2.0.0)
      net-ssh (>= 2.0.14)
      net-ssh-gateway (>= 1.1.0)
    carrierwave (0.5.4)
      activesupport (~> 3.0)
    coderay (0.9.8)
    daemons (1.1.3)
    devise (1.3.4)
      bcrypt-ruby (~> 2.1.2)
      orm_adapter (~> 0.0.3)
      warden (~> 1.0.3)
    diff-lcs (1.1.2)
    differ (0.1.2)
    erubis (2.6.6)
      abstract (>= 1.0.0)
    eventmachine (0.12.10)
    factory_girl (1.3.3)
    factory_girl_rails (1.0.1)
      factory_girl (~> 1.3)
      railties (>= 3.0.0)
    faker (0.9.5)
      i18n (~> 0.4)
    ffi (1.0.9)
    french_rails (0.2.6)
      rails (~> 3.0.0)
    friendly_id (3.2.1.1)
      babosa (~> 0.3.0)
    fuubar (0.0.5)
      rspec (~> 2.0)
      rspec-instafail (~> 0.1.4)
      ruby-progressbar (~> 0.0.10)
    haml (3.1.1)
    haml-rails (0.3.4)
      actionpack (~> 3.0)
      activesupport (~> 3.0)
      haml (~> 3.0)
      railties (~> 3.0)
    highline (1.6.2)
    hiredis (0.3.2)
    html_spellchecker (0.1.4)
      hunspell-ffi (= 0.1.3.alpha2)
      nokogiri (~> 1.4)
    html_truncator (0.2.2)
      nokogiri (~> 1.4)
    htmlentities (4.3.0)
    hunspell-ffi (0.1.3.alpha2)
      ffi (~> 1.0.7)
    i18n (0.5.0)
    jammit (0.6.3)
      yui-compressor (>= 0.9.3)
    jquery-rails (1.0.9)
      railties (~> 3.0)
      thor (~> 0.14)
    kaminari (0.12.4)
      rails (>= 3.0.0)
    kgio (2.4.1)
    mail (2.2.19)
      activesupport (>= 2.3.6)
      i18n (>= 0.4.0)
      mime-types (~> 1.16)
      treetop (~> 1.4.8)
    method_source (0.4.1)
      ruby_parser (>= 2.0.5)
    mime-types (1.16)
    mini_magick (3.3)
      subexec (~> 0.1.0)
    mysql2 (0.2.7)
    net-scp (1.0.4)
      net-ssh (>= 1.99.1)
    net-sftp (2.0.5)
      net-ssh (>= 2.0.9)
    net-ssh (2.1.4)
    net-ssh-gateway (1.1.0)
      net-ssh (>= 1.99.1)
    nokogiri (1.4.4)
    nono-redis-store (1.0.0)
      redis (>= 2.0.0)
    open4 (1.0.1)
    orm_adapter (0.0.5)
    polyglot (0.3.1)
    posix-spawn (0.3.6)
    pry (0.8.3)
      coderay (>= 0.9.7)
      method_source (>= 0.4.0)
      ruby_parser (>= 2.0.5)
      slop (>= 1.5.3)
    rack (1.2.3)
    rack-mount (0.6.14)
      rack (>= 1.0.0)
    rack-test (0.5.7)
      rack (>= 1.0)
    rails (3.0.8.rc1)
      actionmailer (= 3.0.8.rc1)
      actionpack (= 3.0.8.rc1)
      activerecord (= 3.0.8.rc1)
      activeresource (= 3.0.8.rc1)
      activesupport (= 3.0.8.rc1)
      bundler (~> 1.0)
      railties (= 3.0.8.rc1)
    rails3-generators (0.17.4)
      railties (>= 3.0.0)
    railties (3.0.8.rc1)
      actionpack (= 3.0.8.rc1)
      activesupport (= 3.0.8.rc1)
      rake (>= 0.8.7)
      thor (~> 0.14.4)
    rake (0.9.1)
    redcarpet (1.15.2)
    redis (2.2.0)
    rspec (2.6.0)
      rspec-core (~> 2.6.0)
      rspec-expectations (~> 2.6.0)
      rspec-mocks (~> 2.6.0)
    rspec-core (2.6.3)
    rspec-expectations (2.6.0)
      diff-lcs (~> 1.1.2)
    rspec-instafail (0.1.7)
    rspec-mocks (2.6.0)
    rspec-rails (2.6.1)
      actionpack (~> 3.0)
      activesupport (~> 3.0)
      railties (~> 3.0)
      rspec (~> 2.6.0)
    ruby-progressbar (0.0.10)
    ruby_parser (2.0.6)
      sexp_processor (~> 3.0)
    sanitize (2.0.2)
      nokogiri (~> 1.4.4)
    sass (3.1.2)
    sexp_processor (3.0.5)
    simple_autocomplete (0.3.8)
    sitemap_generator (1.5.2)
    slop (1.6.1)
    spork (0.8.5)
    state_machine (0.10.4)
    subexec (0.1.0)
    thin (1.2.11)
      daemons (>= 1.0.9)
      eventmachine (>= 0.12.6)
      rack (>= 1.0.0)
    thor (0.14.6)
    treetop (1.4.9)
      polyglot (>= 0.3.1)
    tzinfo (0.3.27)
    unicorn (3.6.2)
      kgio (~> 2.3)
      rack
    warden (1.0.4)
      rack (>= 1.0)
    webrat (0.7.3)
      nokogiri (>= 1.2.0)
      rack (>= 1.0)
      rack-test (>= 0.5.3)
    yui-compressor (0.9.6)
      POpen4 (>= 0.1.4)

PLATFORMS
  ruby

DEPENDENCIES
  acts_as_list (~> 0.1)
  albino (~> 1.3)
  annotate
  autotest-standalone
  bitfields (~> 0.3)
  canable (~> 0.1)
  capistrano
  carrierwave (~> 0.5)
  devise (~> 1.3)
  differ (~> 0.1)
  factory_girl_rails (~> 1.0)
  faker (~> 0.9)
  french_rails (~> 0.2)
  friendly_id (~> 3.2)
  fuubar (~> 0.0)
  haml (~> 3.1)
  haml-rails
  hiredis (~> 0.3)
  html_spellchecker (~> 0.1)
  html_truncator (~> 0.2)
  htmlentities (~> 4.3)
  jammit (~> 0.6)
  jquery-rails
  kaminari (~> 0.12)
  mini_magick (~> 3.2)
  mysql2 (~> 0.2.7)
  nokogiri (~> 1.4)
  nono-redis-store (~> 1.0)
  pry
  rails (= 3.0.8.rc1)
  rails3-generators
  redcarpet (~> 1.11)
  redis (~> 2.2)
  rspec-rails (~> 2.5)
  sanitize (~> 2.0)
  sass (~> 3.1)
  simple_autocomplete (~> 0.3)
  sitemap_generator (~> 1.5)
  spork (~> 0.8)
  state_machine (~> 0.10)
  thin
  unicorn (~> 3.5)
  webrat (~> 0.7)
